ObjectType = Image
NDims = 2
BinaryData = True
BinaryDataByteOrderMSB = False
CompressedData = True
CompressedDataSize = 177258
CenterOfRotation = 0 0
ElementSpacing = 0.116364 0.0907276
DimSize = 330 552
AnatomicalOrientation = ??
ElementNumberOfChannels = 3
ElementSize = 0.116364 0.0907276
ElementType = MET_UCHAR
TransformMatrix =  0.921627 0.35714 0.151838 -0.312358 0.914854 -0.255882 -0.230295 0.188399 0.954709
Offset =  108.598 437.685 67.2401
Modality = US
ImageType3 = US-Acq_07_20150527T130532_TissueAngio
ElementDataFile = US-Acq_07_20150527T130532_TissueAngio_110.zraw
