ObjectType = Image
NDims = 2
BinaryData = True
BinaryDataByteOrderMSB = False
CompressedData = True
CompressedDataSize = 3896
CenterOfRotation = 0 0
ElementSpacing = 0.116364 0.0907276
DimSize = 330 552
AnatomicalOrientation = ??
ElementSize = 0.116364 0.0907276
ElementType = MET_UCHAR
TransformMatrix =  0.923414 0.354613 0.14682 -0.320188 0.922689 -0.214765 -0.211628 0.151307 0.965567
Offset =  107.415 439.828 70.2753
Modality = US
ImageType3 = US-Acq_07_20150527T130532_Angio
ElementDataFile = US-Acq_07_20150527T130532_Angio_76.zraw
