ObjectType = Image
NDims = 2
BinaryData = True
BinaryDataByteOrderMSB = False
CompressedData = True
CompressedDataSize = 3934
CenterOfRotation = 0 0
ElementSpacing = 0.116364 0.0907276
DimSize = 330 552
AnatomicalOrientation = ??
ElementSize = 0.116364 0.0907276
ElementType = MET_UCHAR
TransformMatrix =  0.923015 0.352329 0.154623 -0.319648 0.925852 -0.201551 -0.21417 0.13661 0.967196
Offset =  106.254 441.747 72.1793
Modality = US
ImageType3 = US-Acq_07_20150527T130532_Angio
ElementDataFile = US-Acq_07_20150527T130532_Angio_51.zraw
