ObjectType = Image
NDims = 2
BinaryData = True
BinaryDataByteOrderMSB = False
CompressedData = True
CompressedDataSize = 4125
CenterOfRotation = 0 0
ElementSpacing = 0.116364 0.0907276
DimSize = 330 552
AnatomicalOrientation = ??
ElementSize = 0.116364 0.0907276
ElementType = MET_UCHAR
TransformMatrix =  0.920909 0.356766 0.15699 -0.322643 0.923712 -0.206538 -0.218699 0.139551 0.965762
Offset =  106.374 441.443 72.1376
Modality = US
ImageType3 = US-Acq_07_20150527T130532_Angio
ElementDataFile = US-Acq_07_20150527T130532_Angio_55.zraw
