ObjectType = Image
NDims = 2
BinaryData = True
BinaryDataByteOrderMSB = False
CompressedData = True
CompressedDataSize = 134954
CenterOfRotation = 0 0
ElementSpacing = 0.116364 0.0907276
DimSize = 330 552
AnatomicalOrientation = ??
ElementSize = 0.116364 0.0907276
ElementType = MET_UCHAR
TransformMatrix =  0.918671 0.366143 0.148265 -0.325921 0.914627 -0.239233 -0.223201 0.171454 0.959575
Offset =  107.846 438.403 68.6555
Modality = US
ImageType3 = US-Acq_07_20150527T130532_Tissue
ElementDataFile = US-Acq_07_20150527T130532_Tissue_101.zraw
