ObjectType = Image
NDims = 2
BinaryData = True
BinaryDataByteOrderMSB = False
CompressedData = True
CompressedDataSize = 3749
CenterOfRotation = 0 0
ElementSpacing = 0.116364 0.0907276
DimSize = 330 552
AnatomicalOrientation = ??
ElementSize = 0.116364 0.0907276
ElementType = MET_FLOAT
TransformMatrix =  0.922968 0.353424 0.152383 -0.307233 0.915036 -0.261376 -0.231812 0.194424 0.953133
Offset =  109.214 436.457 66.0924
Modality = US
ImageType3 = US-Acq_07_20150527T130532_Velocity
ElementDataFile = US-Acq_07_20150527T130532_Velocity_127.zraw
