ObjectType = Image
NDims = 2
BinaryData = True
BinaryDataByteOrderMSB = False
CompressedData = True
CompressedDataSize = 134148
CenterOfRotation = 0 0
ElementSpacing = 0.116364 0.0907276
DimSize = 330 552
AnatomicalOrientation = ??
ElementSize = 0.116364 0.0907276
ElementType = MET_UCHAR
TransformMatrix =  0.92447 0.351274 0.148194 -0.305599 0.915159 -0.262858 -0.227956 0.197716 0.953386
Offset =  109.762 435.777 65.2397
Modality = US
ImageType3 = US-Acq_07_20150527T130532_Tissue
ElementDataFile = US-Acq_07_20150527T130532_Tissue_140.zraw
