ObjectType = Image
NDims = 2
BinaryData = True
BinaryDataByteOrderMSB = False
CompressedData = True
CompressedDataSize = 7608
CenterOfRotation = 0 0
ElementSpacing = 0.116364 0.0907276
DimSize = 330 552
AnatomicalOrientation = ??
ElementSize = 0.116364 0.0907276
ElementType = MET_FLOAT
TransformMatrix =  0.93254 0.337045 0.129502 -0.313742 0.933914 -0.171379 -0.178706 0.119187 0.976657
Offset =  106.031 442.455 73.7266
Modality = US
ImageType3 = US-Acq_07_20150527T130532_Velocity
ElementDataFile = US-Acq_07_20150527T130532_Velocity_21.zraw
