ObjectType = Image
NDims = 2
BinaryData = True
BinaryDataByteOrderMSB = False
CompressedData = True
CompressedDataSize = 4218
CenterOfRotation = 0 0
ElementSpacing = 0.116364 0.0907276
DimSize = 330 552
AnatomicalOrientation = ??
ElementSize = 0.116364 0.0907276
ElementType = MET_FLOAT
TransformMatrix =  0.922744 0.35402 0.152359 -0.307512 0.91457 -0.262676 -0.232336 0.19553 0.952779
Offset =  109.263 436.299 65.6411
Modality = US
ImageType3 = US-Acq_07_20150527T130532_Velocity
ElementDataFile = US-Acq_07_20150527T130532_Velocity_133.zraw
