ObjectType = Image
NDims = 2
BinaryData = True
BinaryDataByteOrderMSB = False
CompressedData = True
CompressedDataSize = 4776
CenterOfRotation = 0 0
ElementSpacing = 0.116364 0.0907276
DimSize = 330 552
AnatomicalOrientation = ??
ElementSize = 0.116364 0.0907276
ElementType = MET_FLOAT
TransformMatrix =  0.922802 0.356983 0.144911 -0.320435 0.919973 -0.225769 -0.21391 0.161905 0.963343
Offset =  107.671 438.763 69.0962
Modality = US
ImageType3 = US-Acq_07_20150527T130532_Velocity
ElementDataFile = US-Acq_07_20150527T130532_Velocity_93.zraw
