ObjectType = Image
NDims = 2
BinaryData = True
BinaryDataByteOrderMSB = False
CompressedData = True
CompressedDataSize = 133933
CenterOfRotation = 0 0
ElementSpacing = 0.116364 0.0907276
DimSize = 330 552
AnatomicalOrientation = ??
ElementSize = 0.116364 0.0907276
ElementType = MET_UCHAR
TransformMatrix =  0.923709 0.335282 0.185333 -0.186963 0.81679 -0.545801 -0.334375 0.469511 0.817161
Offset =  99.5586 442.042 72.7119
Modality = US
ImageType3 = US-Acq_08_20150527T130558_Tissue
ElementDataFile = US-Acq_08_20150527T130558_Tissue_215.zraw
