ObjectType = Image
NDims = 2
BinaryData = True
BinaryDataByteOrderMSB = False
CompressedData = True
CompressedDataSize = 3478
CenterOfRotation = 0 0
ElementSpacing = 0.116364 0.0907276
DimSize = 330 552
AnatomicalOrientation = ??
ElementSize = 0.116364 0.0907276
ElementType = MET_FLOAT
TransformMatrix =  0.929557 0.334748 0.154492 -0.225206 0.847334 -0.480944 -0.291901 0.412272 0.863033
Offset =  95.9645 446.343 79.4536
Modality = US
ImageType3 = US-Acq_08_20150527T130558_Velocity
ElementDataFile = US-Acq_08_20150527T130558_Velocity_314.zraw
