ObjectType = Image
NDims = 2
BinaryData = True
BinaryDataByteOrderMSB = False
CompressedData = True
CompressedDataSize = 3726
CenterOfRotation = 0 0
ElementSpacing = 0.116364 0.0907276
DimSize = 330 552
AnatomicalOrientation = ??
ElementSize = 0.116364 0.0907276
ElementType = MET_UCHAR
TransformMatrix =  0.921458 0.337743 0.191951 -0.168848 0.793193 -0.585094 -0.349866 0.506729 0.787921
Offset =  102.455 440.155 69.6215
Modality = US
ImageType3 = US-Acq_08_20150527T130558_Angio
ElementDataFile = US-Acq_08_20150527T130558_Angio_139.zraw
