ObjectType = Image
NDims = 2
BinaryData = True
BinaryDataByteOrderMSB = False
CompressedData = True
CompressedDataSize = 186564
CenterOfRotation = 0 0
ElementSpacing = 0.116364 0.0907276
DimSize = 330 552
AnatomicalOrientation = ??
ElementNumberOfChannels = 3
ElementSize = 0.116364 0.0907276
ElementType = MET_UCHAR
TransformMatrix =  0.923944 0.333704 0.186998 -0.164185 0.787483 -0.594065 -0.3455 0.518181 0.78238
Offset =  103.341 439.628 68.6991
Modality = US
ImageType3 = US-Acq_08_20150527T130558_TissueAngio
ElementDataFile = US-Acq_08_20150527T130558_TissueAngio_110.zraw
