ObjectType = Image
NDims = 2
BinaryData = True
BinaryDataByteOrderMSB = False
CompressedData = True
CompressedDataSize = 136905
CenterOfRotation = 0 0
ElementSpacing = 0.116364 0.0907276
DimSize = 330 552
AnatomicalOrientation = ??
ElementSize = 0.116364 0.0907276
ElementType = MET_UCHAR
TransformMatrix =  0.92867 0.325227 0.178323 -0.140634 0.753629 -0.642079 -0.34321 0.571201 0.745611
Offset =  106.421 437.535 65.2334
Modality = US
ImageType3 = US-Acq_08_20150527T130558_Tissue
ElementDataFile = US-Acq_08_20150527T130558_Tissue_5.zraw
