ObjectType = Image
NDims = 2
BinaryData = True
BinaryDataByteOrderMSB = False
CompressedData = True
CompressedDataSize = 3921
CenterOfRotation = 0 0
ElementSpacing = 0.116364 0.0907276
DimSize = 330 552
AnatomicalOrientation = ??
ElementSize = 0.116364 0.0907276
ElementType = MET_FLOAT
TransformMatrix =  0.925918 0.336966 0.170673 -0.210582 0.835612 -0.507354 -0.313577 0.433827 0.844667
Offset =  97.0819 444.798 76.9248
Modality = US
ImageType3 = US-Acq_08_20150527T130558_Velocity
ElementDataFile = US-Acq_08_20150527T130558_Velocity_286.zraw
