ObjectType = Image
NDims = 2
BinaryData = True
BinaryDataByteOrderMSB = False
CompressedData = True
CompressedDataSize = 133636
CenterOfRotation = 0 0
ElementSpacing = 0.116364 0.0907276
DimSize = 330 552
AnatomicalOrientation = ??
ElementSize = 0.116364 0.0907276
ElementType = MET_UCHAR
TransformMatrix =  0.922942 0.336371 0.187169 -0.196059 0.829205 -0.52343 -0.331269 0.4464 0.831257
Offset =  98.1647 443.859 75.5347
Modality = US
ImageType3 = US-Acq_08_20150527T130558_Tissue
ElementDataFile = US-Acq_08_20150527T130558_Tissue_266.zraw
