ObjectType = Image
NDims = 2
BinaryData = True
BinaryDataByteOrderMSB = False
CompressedData = True
CompressedDataSize = 3774
CenterOfRotation = 0 0
ElementSpacing = 0.116364 0.0907276
DimSize = 330 552
AnatomicalOrientation = ??
ElementSize = 0.116364 0.0907276
ElementType = MET_UCHAR
TransformMatrix =  0.921569 0.337254 0.192274 -0.168717 0.794 -0.584037 -0.349635 0.50579 0.788627
Offset =  102.46 440.06 69.7771
Modality = US
ImageType3 = US-Acq_08_20150527T130558_Angio
ElementDataFile = US-Acq_08_20150527T130558_Angio_136.zraw
