ObjectType = Image
NDims = 2
BinaryData = True
BinaryDataByteOrderMSB = False
CompressedData = True
CompressedDataSize = 3837
CenterOfRotation = 0 0
ElementSpacing = 0.116364 0.0907276
DimSize = 330 552
AnatomicalOrientation = ??
ElementSize = 0.116364 0.0907276
ElementType = MET_UCHAR
TransformMatrix =  0.922234 0.335338 0.192439 -0.153693 0.774683 -0.613388 -0.354771 0.536111 0.765978
Offset =  104.093 439.026 67.864
Modality = US
ImageType3 = US-Acq_08_20150527T130558_Angio
ElementDataFile = US-Acq_08_20150527T130558_Angio_87.zraw
