ObjectType = Image
NDims = 2
BinaryData = True
BinaryDataByteOrderMSB = False
CompressedData = True
CompressedDataSize = 136799
CenterOfRotation = 0 0
ElementSpacing = 0.116364 0.0907276
DimSize = 330 552
AnatomicalOrientation = ??
ElementSize = 0.116364 0.0907276
ElementType = MET_UCHAR
TransformMatrix =  0.924031 0.328952 0.194828 -0.131581 0.752094 -0.645787 -0.358962 0.571092 0.738242
Offset =  106.133 437.529 65.2636
Modality = US
ImageType3 = US-Acq_08_20150527T130558_Tissue
ElementDataFile = US-Acq_08_20150527T130558_Tissue_26.zraw
