ObjectType = Image
NDims = 2
BinaryData = True
BinaryDataByteOrderMSB = False
CompressedData = True
CompressedDataSize = 185312
CenterOfRotation = 0 0
ElementSpacing = 0.116364 0.0907276
DimSize = 330 552
AnatomicalOrientation = ??
ElementNumberOfChannels = 3
ElementSize = 0.116364 0.0907276
ElementType = MET_UCHAR
TransformMatrix =  0.923997 0.333444 0.1872 -0.163601 0.787181 -0.594627 -0.345635 0.518807 0.781905
Offset =  103.454 439.536 68.7535
Modality = US
ImageType3 = US-Acq_08_20150527T130558_TissueAngio
ElementDataFile = US-Acq_08_20150527T130558_TissueAngio_107.zraw
