ObjectType = Image
NDims = 2
BinaryData = True
BinaryDataByteOrderMSB = False
CompressedData = True
CompressedDataSize = 3738
CenterOfRotation = 0 0
ElementSpacing = 0.116364 0.0907276
DimSize = 330 552
AnatomicalOrientation = ??
ElementSize = 0.116364 0.0907276
ElementType = MET_UCHAR
TransformMatrix =  0.923295 0.330323 0.195993 -0.131801 0.751769 -0.646121 -0.36077 0.570728 0.737641
Offset =  106.073 437.618 65.2282
Modality = US
ImageType3 = US-Acq_08_20150527T130558_Angio
ElementDataFile = US-Acq_08_20150527T130558_Angio_28.zraw
