ObjectType = Image
NDims = 2
BinaryData = True
BinaryDataByteOrderMSB = False
CompressedData = True
CompressedDataSize = 182803
CenterOfRotation = 0 0
ElementSpacing = 0.116364 0.0907276
DimSize = 330 552
AnatomicalOrientation = ??
ElementNumberOfChannels = 3
ElementSize = 0.116364 0.0907276
ElementType = MET_UCHAR
TransformMatrix =  0.920663 0.336899 0.197175 -0.137983 0.753373 -0.642954 -0.365157 0.564737 0.740089
Offset =  104.988 438.3 66.5067
Modality = US
ImageType3 = US-Acq_08_20150527T130558_TissueAngio
ElementDataFile = US-Acq_08_20150527T130558_TissueAngio_51.zraw
