ObjectType = Image
NDims = 2
BinaryData = True
BinaryDataByteOrderMSB = False
CompressedData = True
CompressedDataSize = 4207
CenterOfRotation = 0 0
ElementSpacing = 0.116364 0.0907276
DimSize = 330 552
AnatomicalOrientation = ??
ElementSize = 0.116364 0.0907276
ElementType = MET_FLOAT
TransformMatrix =  0.921019 0.337796 0.193954 -0.188454 0.822209 -0.537083 -0.340895 0.458112 0.820929
Offset =  98.7851 443.236 74.374
Modality = US
ImageType3 = US-Acq_08_20150527T130558_Velocity
ElementDataFile = US-Acq_08_20150527T130558_Velocity_255.zraw
