ObjectType = Image
NDims = 2
BinaryData = True
BinaryDataByteOrderMSB = False
CompressedData = True
CompressedDataSize = 4180
CenterOfRotation = 0 0
ElementSpacing = 0.116364 0.0907276
DimSize = 330 552
AnatomicalOrientation = ??
ElementSize = 0.116364 0.0907276
ElementType = MET_UCHAR
TransformMatrix =  0.923545 0.333453 0.189405 -0.150954 0.770125 -0.619774 -0.352532 0.543798 0.761581
Offset =  104.385 438.622 67.4396
Modality = US
ImageType3 = US-Acq_08_20150527T130558_Angio
ElementDataFile = US-Acq_08_20150527T130558_Angio_64.zraw
