ObjectType = Image
NDims = 2
BinaryData = True
BinaryDataByteOrderMSB = False
CompressedData = True
CompressedDataSize = 3525
CenterOfRotation = 0 0
ElementSpacing = 0.116364 0.0907276
DimSize = 330 552
AnatomicalOrientation = ??
ElementSize = 0.116364 0.0907276
ElementType = MET_FLOAT
TransformMatrix =  0.915524 0.362815 0.173729 -0.178764 0.753844 -0.632268 -0.360361 0.5478 0.75502
Offset =  112.856 434.154 61.275
Modality = US
ImageType3 = US-Acq_04_20150527T130043_Velocity
ElementDataFile = US-Acq_04_20150527T130043_Velocity_48.zraw
