ObjectType = Image
NDims = 2
BinaryData = True
BinaryDataByteOrderMSB = False
CompressedData = True
CompressedDataSize = 4012
CenterOfRotation = 0 0
ElementSpacing = 0.116364 0.0907276
DimSize = 330 552
AnatomicalOrientation = ??
ElementSize = 0.116364 0.0907276
ElementType = MET_FLOAT
TransformMatrix =  0.909409 0.374595 0.180705 -0.170283 0.731759 -0.659949 -0.379446 0.569393 0.729255
Offset =  108.304 440.448 69.3326
Modality = US
ImageType3 = US-Acq_04_20150527T130043_Velocity
ElementDataFile = US-Acq_04_20150527T130043_Velocity_135.zraw
