ObjectType = Image
NDims = 2
BinaryData = True
BinaryDataByteOrderMSB = False
CompressedData = True
CompressedDataSize = 3676
CenterOfRotation = 0 0
ElementSpacing = 0.116364 0.0907276
DimSize = 330 552
AnatomicalOrientation = ??
ElementSize = 0.116364 0.0907276
ElementType = MET_FLOAT
TransformMatrix =  0.915144 0.362632 0.176096 -0.17466 0.750363 -0.637534 -0.363326 0.552678 0.750027
Offset =  113.636 433.422 60.5024
Modality = US
ImageType3 = US-Acq_04_20150527T130043_Velocity
ElementDataFile = US-Acq_04_20150527T130043_Velocity_35.zraw
