ObjectType = Image
NDims = 2
BinaryData = True
BinaryDataByteOrderMSB = False
CompressedData = True
CompressedDataSize = 3856
CenterOfRotation = 0 0
ElementSpacing = 0.116364 0.0907276
DimSize = 330 552
AnatomicalOrientation = ??
ElementSize = 0.116364 0.0907276
ElementType = MET_FLOAT
TransformMatrix =  0.908957 0.374938 0.18226 -0.167902 0.729406 -0.663156 -0.381584 0.572179 0.725951
Offset =  108.637 439.873 68.2918
Modality = US
ImageType3 = US-Acq_04_20150527T130043_Velocity
ElementDataFile = US-Acq_04_20150527T130043_Velocity_129.zraw
