ObjectType = Image
NDims = 2
BinaryData = True
BinaryDataByteOrderMSB = False
CompressedData = True
CompressedDataSize = 135505
CenterOfRotation = 0 0
ElementSpacing = 0.116364 0.0907276
DimSize = 330 552
AnatomicalOrientation = ??
ElementSize = 0.116364 0.0907276
ElementType = MET_UCHAR
TransformMatrix =  0.91057 0.372931 0.178284 -0.170641 0.73198 -0.659611 -0.37649 0.570199 0.730156
Offset =  109.543 438.914 67.105
Modality = US
ImageType3 = US-Acq_04_20150527T130043_Tissue
ElementDataFile = US-Acq_04_20150527T130043_Tissue_111.zraw
