ObjectType = Image
NDims = 2
BinaryData = True
BinaryDataByteOrderMSB = False
CompressedData = True
CompressedDataSize = 3902
CenterOfRotation = 0 0
ElementSpacing = 0.116364 0.0907276
DimSize = 330 552
AnatomicalOrientation = ??
ElementSize = 0.116364 0.0907276
ElementType = MET_UCHAR
TransformMatrix =  0.906714 0.378639 0.18575 -0.170113 0.731356 -0.66044 -0.385917 0.567231 0.727541
Offset =  107.516 441.29 70.137
Modality = US
ImageType3 = US-Acq_04_20150527T130043_Angio
ElementDataFile = US-Acq_04_20150527T130043_Angio_157.zraw
