ObjectType = Image
NDims = 2
BinaryData = True
BinaryDataByteOrderMSB = False
CompressedData = True
CompressedDataSize = 134895
CenterOfRotation = 0 0
ElementSpacing = 0.116364 0.0907276
DimSize = 330 552
AnatomicalOrientation = ??
ElementSize = 0.116364 0.0907276
ElementType = MET_UCHAR
TransformMatrix =  0.914769 0.363983 0.175255 -0.175848 0.749335 -0.638415 -0.363697 0.553184 0.749474
Offset =  112.516 434.913 62.0758
Modality = US
ImageType3 = US-Acq_04_20150527T130043_Tissue
ElementDataFile = US-Acq_04_20150527T130043_Tissue_57.zraw
