ObjectType = Image
NDims = 2
BinaryData = True
BinaryDataByteOrderMSB = False
CompressedData = True
CompressedDataSize = 3651
CenterOfRotation = 0 0
ElementSpacing = 0.116364 0.0907276
DimSize = 330 552
AnatomicalOrientation = ??
ElementSize = 0.116364 0.0907276
ElementType = MET_UCHAR
TransformMatrix =  0.914541 0.365013 0.174299 -0.17732 0.749079 -0.638309 -0.363555 0.552854 0.749787
Offset =  112.153 435.376 62.557
Modality = US
ImageType3 = US-Acq_04_20150527T130043_Angio
ElementDataFile = US-Acq_04_20150527T130043_Angio_63.zraw
