ObjectType = Image
NDims = 2
BinaryData = True
BinaryDataByteOrderMSB = False
CompressedData = True
CompressedDataSize = 136289
CenterOfRotation = 0 0
ElementSpacing = 0.116364 0.0907276
DimSize = 330 552
AnatomicalOrientation = ??
ElementSize = 0.116364 0.0907276
ElementType = MET_UCHAR
TransformMatrix =  0.905012 0.381146 0.188894 -0.166373 0.72583 -0.667451 -0.391501 0.572624 0.720297
Offset =  106.415 442.869 72.2532
Modality = US
ImageType3 = US-Acq_04_20150527T130043_Tissue
ElementDataFile = US-Acq_04_20150527T130043_Tissue_186.zraw
