ObjectType = Image
NDims = 2
BinaryData = True
BinaryDataByteOrderMSB = False
CompressedData = True
CompressedDataSize = 3621
CenterOfRotation = 0 0
ElementSpacing = 0.116364 0.0907276
DimSize = 330 552
AnatomicalOrientation = ??
ElementSize = 0.116364 0.0907276
ElementType = MET_UCHAR
TransformMatrix =  0.915135 0.364788 0.171632 -0.178338 0.748115 -0.639155 -0.361556 0.554305 0.749682
Offset =  111.649 435.857 63.5921
Modality = US
ImageType3 = US-Acq_04_20150527T130043_Angio
ElementDataFile = US-Acq_04_20150527T130043_Angio_74.zraw
