ObjectType = Image
NDims = 2
BinaryData = True
BinaryDataByteOrderMSB = False
CompressedData = True
CompressedDataSize = 184400
CenterOfRotation = 0 0
ElementSpacing = 0.116364 0.0907276
DimSize = 330 552
AnatomicalOrientation = ??
ElementNumberOfChannels = 3
ElementSize = 0.116364 0.0907276
ElementType = MET_UCHAR
TransformMatrix =  0.917817 0.358969 0.169567 -0.177935 0.753766 -0.632595 -0.354895 0.550434 0.755693
Offset =  113.933 432.648 59.3518
Modality = US
ImageType3 = US-Acq_04_20150527T130043_TissueAngio
ElementDataFile = US-Acq_04_20150527T130043_TissueAngio_26.zraw
