ObjectType = Image
NDims = 2
BinaryData = True
BinaryDataByteOrderMSB = False
CompressedData = True
CompressedDataSize = 3543
CenterOfRotation = 0 0
ElementSpacing = 0.116364 0.0907276
DimSize = 330 552
AnatomicalOrientation = ??
ElementSize = 0.116364 0.0907276
ElementType = MET_UCHAR
TransformMatrix =  0.911182 0.371873 0.17736 -0.173468 0.736741 -0.653546 -0.373705 0.564733 0.735813
Offset =  109.938 438.257 66.636
Modality = US
ImageType3 = US-Acq_04_20150527T130043_Angio
ElementDataFile = US-Acq_04_20150527T130043_Angio_102.zraw
