ObjectType = Image
NDims = 2
BinaryData = True
BinaryDataByteOrderMSB = False
CompressedData = True
CompressedDataSize = 134997
CenterOfRotation = 0 0
ElementSpacing = 0.116364 0.0907276
DimSize = 330 552
AnatomicalOrientation = ??
ElementSize = 0.116364 0.0907276
ElementType = MET_UCHAR
TransformMatrix =  0.908959 0.374589 0.182964 -0.167577 0.730174 -0.662393 -0.381721 0.571428 0.726471
Offset =  108.879 439.578 68.2409
Modality = US
ImageType3 = US-Acq_04_20150527T130043_Tissue
ElementDataFile = US-Acq_04_20150527T130043_Tissue_127.zraw
