ObjectType = Image
NDims = 2
BinaryData = True
BinaryDataByteOrderMSB = False
CompressedData = True
CompressedDataSize = 181494
CenterOfRotation = 0 0
ElementSpacing = 0.116364 0.0907276
DimSize = 330 552
AnatomicalOrientation = ??
ElementNumberOfChannels = 3
ElementSize = 0.116364 0.0907276
ElementType = MET_UCHAR
TransformMatrix =  0.919963 0.35521 0.165812 -0.182625 0.762636 -0.620512 -0.346866 0.540566 0.766467
Offset =  114.183 432.34 58.9802
Modality = US
ImageType3 = US-Acq_04_20150527T130043_TissueAngio
ElementDataFile = US-Acq_04_20150527T130043_TissueAngio_21.zraw
