ObjectType = Image
NDims = 2
BinaryData = True
BinaryDataByteOrderMSB = False
CompressedData = True
CompressedDataSize = 3924
CenterOfRotation = 0 0
ElementSpacing = 0.116364 0.0907276
DimSize = 330 552
AnatomicalOrientation = ??
ElementSize = 0.116364 0.0907276
ElementType = MET_UCHAR
TransformMatrix =  0.905181 0.380606 0.189174 -0.166685 0.727319 -0.66575 -0.390978 0.571091 0.721797
Offset =  106.354 443.031 72.3798
Modality = US
ImageType3 = US-Acq_04_20150527T130043_Angio
ElementDataFile = US-Acq_04_20150527T130043_Angio_188.zraw
