ObjectType = Image
NDims = 2
BinaryData = True
BinaryDataByteOrderMSB = False
CompressedData = True
CompressedDataSize = 4823
CenterOfRotation = 0 0
ElementSpacing = 0.116364 0.0978474
DimSize = 330 563
AnatomicalOrientation = ??
ElementSize = 0.116364 0.0978474
ElementType = MET_UCHAR
TransformMatrix =  -0.0755288 0.678153 0.731029 -0.278725 0.689542 -0.668464 -0.957396 -0.254245 0.136938
Offset =  161.182 413.753 27.9188
Modality = US
ImageType3 = US-Acq_09_20150527T131009_Angio
ElementDataFile = US-Acq_09_20150527T131009_Angio_31.zraw
