ObjectType = Image
NDims = 2
BinaryData = True
BinaryDataByteOrderMSB = False
CompressedData = True
CompressedDataSize = 132866
CenterOfRotation = 0 0
ElementSpacing = 0.116364 0.0978474
DimSize = 330 563
AnatomicalOrientation = ??
ElementSize = 0.116364 0.0978474
ElementType = MET_UCHAR
TransformMatrix =  -0.0780027 0.677018 0.731821 -0.282072 0.689077 -0.667539 -0.956217 -0.258496 0.137218
Offset =  160.913 413.708 28.2105
Modality = US
ImageType3 = US-Acq_09_20150527T131009_Tissue
ElementDataFile = US-Acq_09_20150527T131009_Tissue_35.zraw
