ObjectType = Image
NDims = 2
BinaryData = True
BinaryDataByteOrderMSB = False
CompressedData = True
CompressedDataSize = 135152
CenterOfRotation = 0 0
ElementSpacing = 0.116364 0.0978474
DimSize = 330 563
AnatomicalOrientation = ??
ElementSize = 0.116364 0.0978474
ElementType = MET_UCHAR
TransformMatrix =  -0.0755393 0.681755 0.72767 -0.305827 0.678745 -0.667664 -0.949086 -0.272976 0.157227
Offset =  156.273 412.812 28.4575
Modality = US
ImageType3 = US-Acq_09_20150527T131009_Tissue
ElementDataFile = US-Acq_09_20150527T131009_Tissue_85.zraw
