ObjectType = Image
NDims = 2
BinaryData = True
BinaryDataByteOrderMSB = False
CompressedData = True
CompressedDataSize = 6016
CenterOfRotation = 0 0
ElementSpacing = 0.116364 0.0978474
DimSize = 330 563
AnatomicalOrientation = ??
ElementSize = 0.116364 0.0978474
ElementType = MET_UCHAR
TransformMatrix =  -0.0733443 0.680499 0.729069 -0.281957 0.687065 -0.669658 -0.956619 -0.254682 0.14148
Offset =  159.84 413.456 28.0544
Modality = US
ImageType3 = US-Acq_09_20150527T131009_Angio
ElementDataFile = US-Acq_09_20150527T131009_Angio_51.zraw
