ObjectType = Image
NDims = 2
BinaryData = True
BinaryDataByteOrderMSB = False
CompressedData = True
CompressedDataSize = 184891
CenterOfRotation = 0 0
ElementSpacing = 0.116364 0.0978474
DimSize = 330 563
AnatomicalOrientation = ??
ElementNumberOfChannels = 3
ElementSize = 0.116364 0.0978474
ElementType = MET_UCHAR
TransformMatrix =  -0.103288 0.681584 0.724414 -0.353566 0.655583 -0.667235 -0.92969 -0.325045 0.173271
Offset =  148.041 412.371 29.802
Modality = US
ImageType3 = US-Acq_09_20150527T131009_TissueAngio
ElementDataFile = US-Acq_09_20150527T131009_TissueAngio_149.zraw
