ObjectType = Image
NDims = 2
BinaryData = True
BinaryDataByteOrderMSB = False
CompressedData = True
CompressedDataSize = 6116
CenterOfRotation = 0 0
ElementSpacing = 0.116364 0.0978474
DimSize = 330 563
AnatomicalOrientation = ??
ElementSize = 0.116364 0.0978474
ElementType = MET_FLOAT
TransformMatrix =  -0.0736848 0.677178 0.73212 -0.28187 0.690042 -0.666627 -0.956619 -0.255483 0.140031
Offset =  161.185 413.789 28.1108
Modality = US
ImageType3 = US-Acq_09_20150527T131009_Velocity
ElementDataFile = US-Acq_09_20150527T131009_Velocity_29.zraw
