ObjectType = Image
NDims = 2
BinaryData = True
BinaryDataByteOrderMSB = False
CompressedData = True
CompressedDataSize = 5387
CenterOfRotation = 0 0
ElementSpacing = 0.116364 0.0978474
DimSize = 330 563
AnatomicalOrientation = ??
ElementSize = 0.116364 0.0978474
ElementType = MET_UCHAR
TransformMatrix =  -0.0777074 0.677621 0.731294 -0.283011 0.688345 -0.667897 -0.955964 -0.258865 0.138284
Offset =  160.479 413.659 28.1915
Modality = US
ImageType3 = US-Acq_09_20150527T131009_Angio
ElementDataFile = US-Acq_09_20150527T131009_Angio_42.zraw
