ObjectType = Image
NDims = 2
BinaryData = True
BinaryDataByteOrderMSB = False
CompressedData = True
CompressedDataSize = 133405
CenterOfRotation = 0 0
ElementSpacing = 0.116364 0.0978474
DimSize = 330 563
AnatomicalOrientation = ??
ElementSize = 0.116364 0.0978474
ElementType = MET_UCHAR
TransformMatrix =  -0.0792121 0.678438 0.730375 -0.279333 0.688218 -0.669573 -0.956921 -0.257056 0.134995
Offset =  161.2 413.774 27.6768
Modality = US
ImageType3 = US-Acq_09_20150527T131009_Tissue
ElementDataFile = US-Acq_09_20150527T131009_Tissue_34.zraw
