ObjectType = Image
NDims = 2
BinaryData = True
BinaryDataByteOrderMSB = False
CompressedData = True
CompressedDataSize = 743
CenterOfRotation = 0 0
ElementSpacing = 0.116364 0.0978474
DimSize = 330 563
AnatomicalOrientation = ??
ElementSize = 0.116364 0.0978474
ElementType = MET_FLOAT
TransformMatrix =  -0.103624 0.680979 0.724934 -0.353251 0.656142 -0.666852 -0.929772 -0.325185 0.172565
Offset =  148.082 412.38 29.8649
Modality = US
ImageType3 = US-Acq_09_20150527T131009_Velocity
ElementDataFile = US-Acq_09_20150527T131009_Velocity_148.zraw
