ObjectType = Image
NDims = 2
BinaryData = True
BinaryDataByteOrderMSB = False
CompressedData = True
CompressedDataSize = 9173
CenterOfRotation = 0 0
ElementSpacing = 0.116364 0.0978474
DimSize = 330 563
AnatomicalOrientation = ??
ElementSize = 0.116364 0.0978474
ElementType = MET_FLOAT
TransformMatrix =  -0.0861365 0.67891 0.729152 -0.309253 0.6775 -0.66735 -0.947071 -0.282976 0.151597
Offset =  155.546 412.979 28.6134
Modality = US
ImageType3 = US-Acq_09_20150527T131009_Velocity
ElementDataFile = US-Acq_09_20150527T131009_Velocity_94.zraw
