ObjectType = Image
NDims = 2
BinaryData = True
BinaryDataByteOrderMSB = False
CompressedData = True
CompressedDataSize = 6475
CenterOfRotation = 0 0
ElementSpacing = 0.116364 0.0978474
DimSize = 330 563
AnatomicalOrientation = ??
ElementSize = 0.116364 0.0978474
ElementType = MET_FLOAT
TransformMatrix =  -0.0737877 0.677017 0.732259 -0.281304 0.690315 -0.666583 -0.956778 -0.255173 0.139511
Offset =  161.392 413.925 27.9814
Modality = US
ImageType3 = US-Acq_09_20150527T131009_Velocity
ElementDataFile = US-Acq_09_20150527T131009_Velocity_26.zraw
