ObjectType = Image
NDims = 2
BinaryData = True
BinaryDataByteOrderMSB = False
CompressedData = True
CompressedDataSize = 134442
CenterOfRotation = 0 0
ElementSpacing = 0.116364 0.0978474
DimSize = 330 563
AnatomicalOrientation = ??
ElementSize = 0.116364 0.0978474
ElementType = MET_UCHAR
TransformMatrix =  -0.0762322 0.681358 0.72797 -0.300789 0.680367 -0.668301 -0.950639 -0.269911 0.153079
Offset =  156.645 412.805 28.3012
Modality = US
ImageType3 = US-Acq_09_20150527T131009_Tissue
ElementDataFile = US-Acq_09_20150527T131009_Tissue_79.zraw
