ObjectType = Image
NDims = 2
BinaryData = True
BinaryDataByteOrderMSB = False
CompressedData = True
CompressedDataSize = 187413
CenterOfRotation = 0 0
ElementSpacing = 0.116364 0.0978474
DimSize = 330 563
AnatomicalOrientation = ??
ElementNumberOfChannels = 3
ElementSize = 0.116364 0.0978474
ElementType = MET_UCHAR
TransformMatrix =  -0.0689413 0.669528 0.739581 -0.291997 0.695336 -0.656693 -0.953931 -0.261228 0.147563
Offset =  161.919 414.608 30.2324
Modality = US
ImageType3 = US-Acq_09_20150527T131009_TissueAngio
ElementDataFile = US-Acq_09_20150527T131009_TissueAngio_1.zraw
