ObjectType = Image
NDims = 2
BinaryData = True
BinaryDataByteOrderMSB = False
CompressedData = True
CompressedDataSize = 8955
CenterOfRotation = 0 0
ElementSpacing = 0.116364 0.0978474
DimSize = 330 563
AnatomicalOrientation = ??
ElementSize = 0.116364 0.0978474
ElementType = MET_FLOAT
TransformMatrix =  -0.0867356 0.679087 0.728915 -0.309892 0.676982 -0.667579 -0.946807 -0.283788 0.151725
Offset =  155.372 412.903 28.4023
Modality = US
ImageType3 = US-Acq_09_20150527T131009_Velocity
ElementDataFile = US-Acq_09_20150527T131009_Velocity_96.zraw
