ObjectType = Image
NDims = 2
BinaryData = True
BinaryDataByteOrderMSB = False
CompressedData = True
CompressedDataSize = 6578
CenterOfRotation = 0 0
ElementSpacing = 0.116364 0.0978474
DimSize = 330 563
AnatomicalOrientation = ??
ElementSize = 0.116364 0.0978474
ElementType = MET_UCHAR
TransformMatrix =  -0.0778113 0.681026 0.728113 -0.297409 0.681218 -0.668947 -0.951574 -0.268599 0.149537
Offset =  157.056 412.78 28.1299
Modality = US
ImageType3 = US-Acq_09_20150527T131009_Angio
ElementDataFile = US-Acq_09_20150527T131009_Angio_75.zraw
