ObjectType = Image
NDims = 2
BinaryData = True
BinaryDataByteOrderMSB = False
CompressedData = True
CompressedDataSize = 4918
CenterOfRotation = 0 0
ElementSpacing = 0.116364 0.0978474
DimSize = 330 563
AnatomicalOrientation = ??
ElementSize = 0.116364 0.0978474
ElementType = MET_UCHAR
TransformMatrix =  -0.0751576 0.676234 0.732843 -0.28255 0.69036 -0.666009 -0.956304 -0.257121 0.139184
Offset =  161.257 413.991 28.0297
Modality = US
ImageType3 = US-Acq_09_20150527T131009_Angio
ElementDataFile = US-Acq_09_20150527T131009_Angio_27.zraw
