ObjectType = Image
NDims = 2
BinaryData = True
BinaryDataByteOrderMSB = False
CompressedData = True
CompressedDataSize = 3268
CenterOfRotation = 0 0
ElementSpacing = 0.116364 0.0907276
DimSize = 330 552
AnatomicalOrientation = ??
ElementSize = 0.116364 0.0907276
ElementType = MET_UCHAR
TransformMatrix =  0.931754 0.295158 0.211461 -0.135012 0.822278 -0.552839 -0.337054 0.48656 0.806011
Offset =  110.104 437.369 64.2166
Modality = US
ImageType3 = US-Acq_05_20150527T130229_Angio
ElementDataFile = US-Acq_05_20150527T130229_Angio_161.zraw
