ObjectType = Image
NDims = 2
BinaryData = True
BinaryDataByteOrderMSB = False
CompressedData = True
CompressedDataSize = 136424
CenterOfRotation = 0 0
ElementSpacing = 0.116364 0.0907276
DimSize = 330 552
AnatomicalOrientation = ??
ElementSize = 0.116364 0.0907276
ElementType = MET_UCHAR
TransformMatrix =  0.934938 0.287317 0.208182 -0.130315 0.823798 -0.551702 -0.330013 0.488678 0.807642
Offset =  111.683 434.927 61.2008
Modality = US
ImageType3 = US-Acq_05_20150527T130229_Tissue
ElementDataFile = US-Acq_05_20150527T130229_Tissue_196.zraw
