ObjectType = Image
NDims = 2
BinaryData = True
BinaryDataByteOrderMSB = False
CompressedData = True
CompressedDataSize = 3072
CenterOfRotation = 0 0
ElementSpacing = 0.116364 0.0907276
DimSize = 330 552
AnatomicalOrientation = ??
ElementSize = 0.116364 0.0907276
ElementType = MET_FLOAT
TransformMatrix =  0.930393 0.305572 0.202473 -0.150092 0.821496 -0.550106 -0.334428 0.481425 0.810178
Offset =  108.715 439.074 66.1825
Modality = US
ImageType3 = US-Acq_05_20150527T130229_Velocity
ElementDataFile = US-Acq_05_20150527T130229_Velocity_140.zraw
