ObjectType = Image
NDims = 2
BinaryData = True
BinaryDataByteOrderMSB = False
CompressedData = True
CompressedDataSize = 136623
CenterOfRotation = 0 0
ElementSpacing = 0.116364 0.0907276
DimSize = 330 552
AnatomicalOrientation = ??
ElementSize = 0.116364 0.0907276
ElementType = MET_UCHAR
TransformMatrix =  0.940844 0.314184 0.12689 -0.270072 0.921487 -0.279146 -0.204631 0.228363 0.951828
Offset =  107.452 439.873 69.3959
Modality = US
ImageType3 = US-Acq_05_20150527T130229_Tissue
ElementDataFile = US-Acq_05_20150527T130229_Tissue_39.zraw
