ObjectType = Image
NDims = 2
BinaryData = True
BinaryDataByteOrderMSB = False
CompressedData = True
CompressedDataSize = 185598
CenterOfRotation = 0 0
ElementSpacing = 0.116364 0.0907276
DimSize = 330 552
AnatomicalOrientation = ??
ElementNumberOfChannels = 3
ElementSize = 0.116364 0.0907276
ElementType = MET_UCHAR
TransformMatrix =  0.941433 0.318101 0.111873 -0.284602 0.927513 -0.242325 -0.180847 0.196293 0.963724
Offset =  105.254 442.05 72.7782
Modality = US
ImageType3 = US-Acq_05_20150527T130229_TissueAngio
ElementDataFile = US-Acq_05_20150527T130229_TissueAngio_5.zraw
