ObjectType = Image
NDims = 2
BinaryData = True
BinaryDataByteOrderMSB = False
CompressedData = True
CompressedDataSize = 2848
CenterOfRotation = 0 0
ElementSpacing = 0.116364 0.0907276
DimSize = 330 552
AnatomicalOrientation = ??
ElementSize = 0.116364 0.0907276
ElementType = MET_FLOAT
TransformMatrix =  0.94087 0.314142 0.126801 -0.269643 0.921035 -0.281045 -0.205076 0.230236 0.951281
Offset =  107.448 439.916 69.3222
Modality = US
ImageType3 = US-Acq_05_20150527T130229_Velocity
ElementDataFile = US-Acq_05_20150527T130229_Velocity_42.zraw
