ObjectType = Image
NDims = 2
BinaryData = True
BinaryDataByteOrderMSB = False
CompressedData = True
CompressedDataSize = 134177
CenterOfRotation = 0 0
ElementSpacing = 0.116364 0.0907276
DimSize = 330 552
AnatomicalOrientation = ??
ElementSize = 0.116364 0.0907276
ElementType = MET_UCHAR
TransformMatrix =  0.93438 0.284359 0.214651 -0.121856 0.821213 -0.557459 -0.334792 0.494722 0.801976
Offset =  112.491 433.886 59.9256
Modality = US
ImageType3 = US-Acq_05_20150527T130229_Tissue
ElementDataFile = US-Acq_05_20150527T130229_Tissue_212.zraw
