ObjectType = Image
NDims = 2
BinaryData = True
BinaryDataByteOrderMSB = False
CompressedData = True
CompressedDataSize = 3042
CenterOfRotation = 0 0
ElementSpacing = 0.116364 0.0907276
DimSize = 330 552
AnatomicalOrientation = ??
ElementSize = 0.116364 0.0907276
ElementType = MET_FLOAT
TransformMatrix =  0.940387 0.315835 0.126178 -0.27343 0.922701 -0.271769 -0.202259 0.221067 0.954055
Offset =  107.283 440.231 69.6489
Modality = US
ImageType3 = US-Acq_05_20150527T130229_Velocity
ElementDataFile = US-Acq_05_20150527T130229_Velocity_32.zraw
