ObjectType = Image
NDims = 2
BinaryData = True
BinaryDataByteOrderMSB = False
CompressedData = True
CompressedDataSize = 2552
CenterOfRotation = 0 0
ElementSpacing = 0.116364 0.0907276
DimSize = 330 552
AnatomicalOrientation = ??
ElementSize = 0.116364 0.0907276
ElementType = MET_UCHAR
TransformMatrix =  0.932291 0.310301 0.185869 -0.184457 0.849882 -0.493636 -0.311143 0.425928 0.849574
Offset =  107.168 440.755 68.4589
Modality = US
ImageType3 = US-Acq_05_20150527T130229_Angio
ElementDataFile = US-Acq_05_20150527T130229_Angio_109.zraw
