ObjectType = Image
NDims = 2
BinaryData = True
BinaryDataByteOrderMSB = False
CompressedData = True
CompressedDataSize = 3009
CenterOfRotation = 0 0
ElementSpacing = 0.116364 0.0907276
DimSize = 330 552
AnatomicalOrientation = ??
ElementSize = 0.116364 0.0907276
ElementType = MET_FLOAT
TransformMatrix =  0.931782 0.295703 0.210575 -0.135875 0.82199 -0.553056 -0.336631 0.486716 0.806094
Offset =  110.078 437.439 64.3007
Modality = US
ImageType3 = US-Acq_05_20150527T130229_Velocity
ElementDataFile = US-Acq_05_20150527T130229_Velocity_160.zraw
