ObjectType = Image
NDims = 2
BinaryData = True
BinaryDataByteOrderMSB = False
CompressedData = True
CompressedDataSize = 1433
CenterOfRotation = 0 0
ElementSpacing = 0.116364 0.0907276
DimSize = 330 552
AnatomicalOrientation = ??
ElementSize = 0.116364 0.0907276
ElementType = MET_UCHAR
TransformMatrix =  0.93947 0.299612 0.166219 -0.216977 0.895692 -0.388145 -0.265174 0.328585 0.906485
Offset =  107.565 440.281 68.4139
Modality = US
ImageType3 = US-Acq_05_20150527T130229_Angio
ElementDataFile = US-Acq_05_20150527T130229_Angio_91.zraw
