ObjectType = Image
NDims = 2
BinaryData = True
BinaryDataByteOrderMSB = False
CompressedData = True
CompressedDataSize = 2924
CenterOfRotation = 0 0
ElementSpacing = 0.116364 0.0907276
DimSize = 330 552
AnatomicalOrientation = ??
ElementSize = 0.116364 0.0907276
ElementType = MET_UCHAR
TransformMatrix =  0.93305 0.291157 0.211295 -0.132041 0.823519 -0.551708 -0.334639 0.486871 0.806829
Offset =  110.838 436.497 63.1496
Modality = US
ImageType3 = US-Acq_05_20150527T130229_Angio
ElementDataFile = US-Acq_05_20150527T130229_Angio_176.zraw
