ObjectType = Image
NDims = 2
BinaryData = True
BinaryDataByteOrderMSB = False
CompressedData = True
CompressedDataSize = 2943
CenterOfRotation = 0 0
ElementSpacing = 0.116364 0.0907276
DimSize = 330 552
AnatomicalOrientation = ??
ElementSize = 0.116364 0.0907276
ElementType = MET_FLOAT
TransformMatrix =  0.933233 0.290474 0.211425 -0.131673 0.82407 -0.550973 -0.334272 0.486348 0.807297
Offset =  111.096 436.121 62.6777
Modality = US
ImageType3 = US-Acq_05_20150527T130229_Velocity
ElementDataFile = US-Acq_05_20150527T130229_Velocity_182.zraw
