ObjectType = Image
NDims = 2
BinaryData = True
BinaryDataByteOrderMSB = False
CompressedData = True
CompressedDataSize = 135289
CenterOfRotation = 0 0
ElementSpacing = 0.116364 0.0907276
DimSize = 330 552
AnatomicalOrientation = ??
ElementSize = 0.116364 0.0907276
ElementType = MET_UCHAR
TransformMatrix =  0.939394 0.319705 0.123801 -0.280253 0.92409 -0.259839 -0.197475 0.209396 0.957683
Offset =  106.312 441.07 71.361
Modality = US
ImageType3 = US-Acq_05_20150527T130229_Tissue
ElementDataFile = US-Acq_05_20150527T130229_Tissue_18.zraw
