ObjectType = Image
NDims = 2
BinaryData = True
BinaryDataByteOrderMSB = False
CompressedData = False
CenterOfRotation = 0 0
ElementSpacing = 0.116364 0.0907276
DimSize = 330 552
AnatomicalOrientation = ??
ElementSize = 0.116364 0.0907276
ElementType = MET_UCHAR
TransformMatrix =  0.908514 0.398332 0.126226 -0.370868 0.907855 -0.195594 -0.192506 0.130887 0.972528
Offset =  106.796 433.781 65.7192
Modality = US
ImageType3 = US-Acq_01_20150527T125724_Angio
ElementDataFile = US-Acq_01_20150527T125724_Angio_78.raw