ObjectType = Image
NDims = 2
BinaryData = True
BinaryDataByteOrderMSB = False
CompressedData = False
CenterOfRotation = 0 0
ElementSpacing = 0.116364 0.0907276
DimSize = 330 552
AnatomicalOrientation = ??
ElementSize = 0.116364 0.0907276
ElementType = MET_UCHAR
TransformMatrix =  0.908238 0.39506 0.137954 -0.366765 0.910266 -0.192091 -0.201462 0.123867 0.971633
Offset =  105.412 435.927 67.867
Modality = US
ImageType3 = US-Acq_01_20150527T125724_Angio
ElementDataFile = US-Acq_01_20150527T125724_Angio_42.raw