ObjectType = Image
NDims = 2
BinaryData = True
BinaryDataByteOrderMSB = False
CompressedData = False
CenterOfRotation = 0 0
ElementSpacing = 0.116364 0.0907276
DimSize = 330 552
AnatomicalOrientation = ??
ElementSize = 0.116364 0.0907276
ElementType = MET_UCHAR
TransformMatrix =  0.9068 0.406299 0.112404 -0.378024 0.901723 -0.209746 -0.186577 0.147706 0.971273
Offset =  107.773 431.392 63.2353
Modality = US
ImageType3 = US-Acq_01_20150527T125724_Angio
ElementDataFile = US-Acq_01_20150527T125724_Angio_103.raw