ObjectType = Image
NDims = 2
BinaryData = True
BinaryDataByteOrderMSB = False
CompressedData = True
CompressedDataSize = 185244
CenterOfRotation = 0 0
ElementSpacing = 0.116364 0.0907276
DimSize = 330 552
AnatomicalOrientation = ??
ElementNumberOfChannels = 3
ElementSize = 0.116364 0.0907276
ElementType = MET_UCHAR
TransformMatrix =  0.919737 0.35247 0.172766 -0.165062 0.746604 -0.644467 -0.356143 0.564223 0.744859
Offset =  116.242 431.31 57.606
Modality = US
ImageType3 = US-Acq_03_20150527T130026_TissueAngio
ElementDataFile = US-Acq_03_20150527T130026_TissueAngio_118.zraw
