ObjectType = Image
NDims = 2
BinaryData = True
BinaryDataByteOrderMSB = False
CompressedData = True
CompressedDataSize = 2422
CenterOfRotation = 0 0
ElementSpacing = 0.116364 0.0907276
DimSize = 330 552
AnatomicalOrientation = ??
ElementSize = 0.116364 0.0907276
ElementType = MET_UCHAR
TransformMatrix =  0.922102 0.350026 0.164955 -0.174139 0.756069 -0.630901 -0.345549 0.55303 0.758125
Offset =  115.964 431.153 57.0349
Modality = US
ImageType3 = US-Acq_03_20150527T130026_Angio
ElementDataFile = US-Acq_03_20150527T130026_Angio_130.zraw
