ObjectType = Image
NDims = 2
BinaryData = True
BinaryDataByteOrderMSB = False
CompressedData = True
CompressedDataSize = 3103
CenterOfRotation = 0 0
ElementSpacing = 0.116364 0.0907276
DimSize = 330 552
AnatomicalOrientation = ??
ElementSize = 0.116364 0.0907276
ElementType = MET_UCHAR
TransformMatrix =  0.92048 0.353155 0.167323 -0.1711 0.749153 -0.639918 -0.351341 0.560403 0.750006
Offset =  115.92 431.642 57.8096
Modality = US
ImageType3 = US-Acq_03_20150527T130026_Angio
ElementDataFile = US-Acq_03_20150527T130026_Angio_107.zraw
