ObjectType = Image
NDims = 2
BinaryData = True
BinaryDataByteOrderMSB = False
CompressedData = True
CompressedDataSize = 3956
CenterOfRotation = 0 0
ElementSpacing = 0.116364 0.0907276
DimSize = 330 552
AnatomicalOrientation = ??
ElementSize = 0.116364 0.0907276
ElementType = MET_FLOAT
TransformMatrix =  0.905774 0.376279 0.194906 -0.162004 0.732481 -0.661231 -0.391572 0.56735 0.724421
Offset =  108.687 440.031 68.5392
Modality = US
ImageType3 = US-Acq_03_20150527T130026_Velocity
ElementDataFile = US-Acq_03_20150527T130026_Velocity_18.zraw
