ObjectType = Image
NDims = 2
BinaryData = True
BinaryDataByteOrderMSB = False
CompressedData = True
CompressedDataSize = 3920
CenterOfRotation = 0 0
ElementSpacing = 0.116364 0.0907276
DimSize = 330 552
AnatomicalOrientation = ??
ElementSize = 0.116364 0.0907276
ElementType = MET_FLOAT
TransformMatrix =  0.912541 0.365632 0.183255 -0.161799 0.73426 -0.659306 -0.37562 0.571993 0.729201
Offset =  114.252 433.275 60.0857
Modality = US
ImageType3 = US-Acq_03_20150527T130026_Velocity
ElementDataFile = US-Acq_03_20150527T130026_Velocity_70.zraw
