ObjectType = Image
NDims = 2
BinaryData = True
BinaryDataByteOrderMSB = False
CompressedData = True
CompressedDataSize = 2953
CenterOfRotation = 0 0
ElementSpacing = 0.116364 0.0907276
DimSize = 330 552
AnatomicalOrientation = ??
ElementSize = 0.116364 0.0907276
ElementType = MET_UCHAR
TransformMatrix =  0.919841 0.353803 0.16946 -0.170398 0.749441 -0.639767 -0.353352 0.559608 0.749654
Offset =  115.808 431.944 58.216
Modality = US
ImageType3 = US-Acq_03_20150527T130026_Angio
ElementDataFile = US-Acq_03_20150527T130026_Angio_99.zraw
