ObjectType = Image
NDims = 2
BinaryData = True
BinaryDataByteOrderMSB = False
CompressedData = True
CompressedDataSize = 3577
CenterOfRotation = 0 0
ElementSpacing = 0.116364 0.0907276
DimSize = 330 552
AnatomicalOrientation = ??
ElementSize = 0.116364 0.0907276
ElementType = MET_FLOAT
TransformMatrix =  0.912169 0.365975 0.184421 -0.158687 0.730326 -0.664411 -0.377845 0.57679 0.724256
Offset =  113.933 433.49 60.3089
Modality = US
ImageType3 = US-Acq_03_20150527T130026_Velocity
ElementDataFile = US-Acq_03_20150527T130026_Velocity_66.zraw
