ObjectType = Image
NDims = 2
BinaryData = True
BinaryDataByteOrderMSB = False
CompressedData = True
CompressedDataSize = 132605
CenterOfRotation = 0 0
ElementSpacing = 0.116364 0.0907276
DimSize = 330 552
AnatomicalOrientation = ??
ElementSize = 0.116364 0.0907276
ElementType = MET_UCHAR
TransformMatrix =  0.904259 0.377555 0.19942 -0.156841 0.728096 -0.667291 -0.397136 0.572126 0.717604
Offset =  110.092 438.181 66.3441
Modality = US
ImageType3 = US-Acq_03_20150527T130026_Tissue
ElementDataFile = US-Acq_03_20150527T130026_Tissue_29.zraw
