ObjectType = Image
NDims = 2
BinaryData = True
BinaryDataByteOrderMSB = False
CompressedData = True
CompressedDataSize = 133493
CenterOfRotation = 0 0
ElementSpacing = 0.116364 0.0907276
DimSize = 330 552
AnatomicalOrientation = ??
ElementSize = 0.116364 0.0907276
ElementType = MET_UCHAR
TransformMatrix =  0.911927 0.366506 0.184558 -0.159046 0.730284 -0.664372 -0.378276 0.576505 0.724257
Offset =  113.618 433.747 60.8344
Modality = US
ImageType3 = US-Acq_03_20150527T130026_Tissue
ElementDataFile = US-Acq_03_20150527T130026_Tissue_63.zraw
