ObjectType = Image
NDims = 2
BinaryData = True
BinaryDataByteOrderMSB = False
CompressedData = True
CompressedDataSize = 182221
CenterOfRotation = 0 0
ElementSpacing = 0.116364 0.0907276
DimSize = 330 552
AnatomicalOrientation = ??
ElementNumberOfChannels = 3
ElementSize = 0.116364 0.0907276
ElementType = MET_UCHAR
TransformMatrix =  0.909627 0.37123 0.186461 -0.162233 0.730637 -0.663212 -0.38244 0.573025 0.724832
Offset =  112.006 436.19 63.5445
Modality = US
ImageType3 = US-Acq_03_20150527T130026_TissueAngio
ElementDataFile = US-Acq_03_20150527T130026_TissueAngio_43.zraw
