ObjectType = Image
NDims = 2
BinaryData = True
BinaryDataByteOrderMSB = False
CompressedData = True
CompressedDataSize = 184175
CenterOfRotation = 0 0
ElementSpacing = 0.116364 0.0907276
DimSize = 330 552
AnatomicalOrientation = ??
ElementNumberOfChannels = 3
ElementSize = 0.116364 0.0907276
ElementType = MET_UCHAR
TransformMatrix =  0.914908 0.388666 0.109004 -0.357098 0.90521 -0.230383 -0.188213 0.171854 0.966976
Offset =  106.704 433.969 65.3288
Modality = US
ImageType3 = US-Acq_02_20150527T125751_TissueAngio
ElementDataFile = US-Acq_02_20150527T125751_TissueAngio_76.zraw
