ObjectType = Image
NDims = 2
BinaryData = True
BinaryDataByteOrderMSB = False
CompressedData = True
CompressedDataSize = 134904
CenterOfRotation = 0 0
ElementSpacing = 0.116364 0.0907276
DimSize = 330 552
AnatomicalOrientation = ??
ElementSize = 0.116364 0.0907276
ElementType = MET_UCHAR
TransformMatrix =  0.928952 0.353475 0.110012 -0.321935 0.918063 -0.231338 -0.18277 0.179486 0.966633
Offset =  103.857 440.4 72.5409
Modality = US
ImageType3 = US-Acq_02_20150527T125751_Tissue
ElementDataFile = US-Acq_02_20150527T125751_Tissue_153.zraw
