ObjectType = Image
NDims = 2
BinaryData = True
BinaryDataByteOrderMSB = False
CompressedData = True
CompressedDataSize = 2308
CenterOfRotation = 0 0
ElementSpacing = 0.116364 0.0907276
DimSize = 330 552
AnatomicalOrientation = ??
ElementSize = 0.116364 0.0907276
ElementType = MET_UCHAR
TransformMatrix =  0.908898 0.402736 0.108208 -0.374285 0.902238 -0.214188 -0.18389 0.154174 0.97078
Offset =  107.551 429.711 61.2439
Modality = US
ImageType3 = US-Acq_02_20150527T125751_Angio
ElementDataFile = US-Acq_02_20150527T125751_Angio_18.zraw
