ObjectType = Image
NDims = 2
BinaryData = True
BinaryDataByteOrderMSB = False
CompressedData = True
CompressedDataSize = 135931
CenterOfRotation = 0 0
ElementSpacing = 0.116364 0.0907276
DimSize = 330 552
AnatomicalOrientation = ??
ElementSize = 0.116364 0.0907276
ElementType = MET_UCHAR
TransformMatrix =  0.918953 0.377087 0.115456 -0.345547 0.911007 -0.225083 -0.190057 0.166946 0.967475
Offset =  105.477 437.758 69.496
Modality = US
ImageType3 = US-Acq_02_20150527T125751_Tissue
ElementDataFile = US-Acq_02_20150527T125751_Tissue_119.zraw
