ObjectType = Image
NDims = 2
BinaryData = True
BinaryDataByteOrderMSB = False
CompressedData = True
CompressedDataSize = 139157
CenterOfRotation = 0 0
ElementSpacing = 0.116364 0.0907276
DimSize = 330 552
AnatomicalOrientation = ??
ElementSize = 0.116364 0.0907276
ElementType = MET_UCHAR
TransformMatrix =  0.930149 0.349963 0.111121 -0.317114 0.918205 -0.237356 -0.185098 0.185538 0.965046
Offset =  102.215 442.545 75.0616
Modality = US
ImageType3 = US-Acq_02_20150527T125751_Tissue
ElementDataFile = US-Acq_02_20150527T125751_Tissue_195.zraw
