ObjectType = Image
NDims = 2
BinaryData = True
BinaryDataByteOrderMSB = False
CompressedData = True
CompressedDataSize = 3208
CenterOfRotation = 0 0
ElementSpacing = 0.116364 0.0907276
DimSize = 330 552
AnatomicalOrientation = ??
ElementSize = 0.116364 0.0907276
ElementType = MET_UCHAR
TransformMatrix =  0.909244 0.401287 0.110658 -0.371704 0.902363 -0.218124 -0.187384 0.157196 0.969627
Offset =  107.373 429.989 61.7596
Modality = US
ImageType3 = US-Acq_02_20150527T125751_Angio
ElementDataFile = US-Acq_02_20150527T125751_Angio_27.zraw
