ObjectType = Image
NDims = 2
BinaryData = True
BinaryDataByteOrderMSB = False
CompressedData = True
CompressedDataSize = 182023
CenterOfRotation = 0 0
ElementSpacing = 0.116364 0.0907276
DimSize = 330 552
AnatomicalOrientation = ??
ElementNumberOfChannels = 3
ElementSize = 0.116364 0.0907276
ElementType = MET_UCHAR
TransformMatrix =  0.917985 0.380532 0.111798 -0.349175 0.909093 -0.227214 -0.188097 0.169542 0.967406
Offset =  105.618 437.105 68.577
Modality = US
ImageType3 = US-Acq_02_20150527T125751_TissueAngio
ElementDataFile = US-Acq_02_20150527T125751_TissueAngio_109.zraw
