ObjectType = Image
NDims = 2
BinaryData = True
BinaryDataByteOrderMSB = False
CompressedData = True
CompressedDataSize = 3126
CenterOfRotation = 0 0
ElementSpacing = 0.116364 0.0907276
DimSize = 330 552
AnatomicalOrientation = ??
ElementSize = 0.116364 0.0907276
ElementType = MET_FLOAT
TransformMatrix =  0.924798 0.362603 0.11519 -0.330885 0.915986 -0.226903 -0.187788 0.171725 0.967081
Offset =  104.279 439.608 71.7631
Modality = US
ImageType3 = US-Acq_02_20150527T125751_Velocity
ElementDataFile = US-Acq_02_20150527T125751_Velocity_144.zraw
