ObjectType = Image
NDims = 2
BinaryData = True
BinaryDataByteOrderMSB = False
CompressedData = True
CompressedDataSize = 7776
CenterOfRotation = 0 0
ElementSpacing = 0.116364 0.0907276
DimSize = 330 552
AnatomicalOrientation = ??
ElementSize = 0.116364 0.0907276
ElementType = MET_FLOAT
TransformMatrix =  0.932365 0.34504 0.107901 -0.312374 0.919145 -0.239991 -0.181983 0.190054 0.96476
Offset =  101.791 443.532 76.095
Modality = US
ImageType3 = US-Acq_02_20150527T125751_Velocity
ElementDataFile = US-Acq_02_20150527T125751_Velocity_213.zraw
