ObjectType = Image
NDims = 2
BinaryData = True
BinaryDataByteOrderMSB = False
CompressedData = True
CompressedDataSize = 3841
CenterOfRotation = 0 0
ElementSpacing = 0.116364 0.0907276
DimSize = 330 552
AnatomicalOrientation = ??
ElementSize = 0.116364 0.0907276
ElementType = MET_FLOAT
TransformMatrix =  0.907246 0.408929 0.0983947 -0.383369 0.90022 -0.206474 -0.17301 0.149601 0.973492
Offset =  107.94 428.786 61.12
Modality = US
ImageType3 = US-Acq_02_20150527T125751_Velocity
ElementDataFile = US-Acq_02_20150527T125751_Velocity_1.zraw
