ObjectType = Image
NDims = 2
BinaryData = True
BinaryDataByteOrderMSB = False
CompressedData = True
CompressedDataSize = 138761
CenterOfRotation = 0 0
ElementSpacing = 0.116364 0.0907276
DimSize = 330 552
AnatomicalOrientation = ??
ElementSize = 0.116364 0.0907276
ElementType = MET_UCHAR
TransformMatrix =  0.931723 0.346689 0.108166 -0.31418 0.918849 -0.238764 -0.182165 0.188478 0.965035
Offset =  102.005 443.143 75.6841
Modality = US
ImageType3 = US-Acq_02_20150527T125751_Tissue
ElementDataFile = US-Acq_02_20150527T125751_Tissue_205.zraw
