ObjectType = Image
NDims = 2
BinaryData = True
BinaryDataByteOrderMSB = False
CompressedData = True
CompressedDataSize = 138222
CenterOfRotation = 0 0
ElementSpacing = 0.116364 0.0907276
DimSize = 330 552
AnatomicalOrientation = ??
ElementSize = 0.116364 0.0907276
ElementType = MET_UCHAR
TransformMatrix =  0.907252 0.408904 0.0984493 -0.383419 0.900307 -0.206004 -0.17287 0.14915 0.973586
Offset =  108.023 428.85 61.029
Modality = US
ImageType3 = US-Acq_02_20150527T125751_Tissue
ElementDataFile = US-Acq_02_20150527T125751_Tissue_3.zraw
