ObjectType = Image
NDims = 2
BinaryData = True
BinaryDataByteOrderMSB = False
CompressedData = True
CompressedDataSize = 3762
CenterOfRotation = 0 0
ElementSpacing = 0.116364 0.0907276
DimSize = 330 552
AnatomicalOrientation = ??
ElementSize = 0.116364 0.0907276
ElementType = MET_UCHAR
TransformMatrix =  0.914144 0.391754 0.104257 -0.360994 0.90367 -0.230358 -0.184457 0.172944 0.967505
Offset =  106.938 432.834 64.3944
Modality = US
ImageType3 = US-Acq_02_20150527T125751_Angio
ElementDataFile = US-Acq_02_20150527T125751_Angio_65.zraw
