ObjectType = Image
NDims = 2
BinaryData = True
BinaryDataByteOrderMSB = False
CompressedData = True
CompressedDataSize = 3688
CenterOfRotation = 0 0
ElementSpacing = 0.116364 0.0907276
DimSize = 330 552
AnatomicalOrientation = ??
ElementSize = 0.116364 0.0907276
ElementType = MET_UCHAR
TransformMatrix =  0.920493 0.372972 0.116553 -0.342296 0.913499 -0.219892 -0.188485 0.162514 0.968536
Offset =  104.815 438.864 70.9038
Modality = US
ImageType3 = US-Acq_02_20150527T125751_Angio
ElementDataFile = US-Acq_02_20150527T125751_Angio_133.zraw
