ObjectType = Image
NDims = 2
BinaryData = True
BinaryDataByteOrderMSB = False
CompressedData = True
CompressedDataSize = 2617
CenterOfRotation = 0 0
ElementSpacing = 0.116364 0.0907276
DimSize = 330 552
AnatomicalOrientation = ??
ElementSize = 0.116364 0.0907276
ElementType = MET_FLOAT
TransformMatrix =  0.931369 0.343896 0.119531 -0.291316 0.900848 -0.321882 -0.218373 0.26497 0.939204
Offset =  99.7845 441.586 74.2295
Modality = US
ImageType3 = US-Acq_06_20150527T130329_Velocity
ElementDataFile = US-Acq_06_20150527T130329_Velocity_334.zraw
