ObjectType = Image
NDims = 2
BinaryData = True
BinaryDataByteOrderMSB = False
CompressedData = True
CompressedDataSize = 133584
CenterOfRotation = 0 0
ElementSpacing = 0.116364 0.0907276
DimSize = 330 552
AnatomicalOrientation = ??
ElementSize = 0.116364 0.0907276
ElementType = MET_UCHAR
TransformMatrix =  0.931653 0.343951 0.117134 -0.291938 0.900513 -0.322255 -0.21632 0.266034 0.939378
Offset =  99.3939 441.437 74.1102
Modality = US
ImageType3 = US-Acq_06_20150527T130329_Tissue
ElementDataFile = US-Acq_06_20150527T130329_Tissue_332.zraw
