ObjectType = Image
NDims = 2
BinaryData = True
BinaryDataByteOrderMSB = False
CompressedData = True
CompressedDataSize = 133121
CenterOfRotation = 0 0
ElementSpacing = 0.116364 0.0907276
DimSize = 330 552
AnatomicalOrientation = ??
ElementSize = 0.116364 0.0907276
ElementType = MET_UCHAR
TransformMatrix =  0.933792 0.341225 0.10769 -0.29388 0.903074 -0.313197 -0.204123 0.260813 0.943563
Offset =  101.51 437.105 69.1818
Modality = US
ImageType3 = US-Acq_06_20150527T130329_Tissue
ElementDataFile = US-Acq_06_20150527T130329_Tissue_282.zraw
