ObjectType = Image
NDims = 2
BinaryData = True
BinaryDataByteOrderMSB = False
CompressedData = True
CompressedDataSize = 138020
CenterOfRotation = 0 0
ElementSpacing = 0.116364 0.0907276
DimSize = 330 552
AnatomicalOrientation = ??
ElementSize = 0.116364 0.0907276
ElementType = MET_UCHAR
TransformMatrix =  0.928177 0.350616 0.124722 -0.299017 0.902178 -0.310908 -0.221531 0.251283 0.942221
Offset =  99.6704 443.937 76.7341
Modality = US
ImageType3 = US-Acq_06_20150527T130329_Tissue
ElementDataFile = US-Acq_06_20150527T130329_Tissue_369.zraw
