ObjectType = Image
NDims = 2
BinaryData = True
BinaryDataByteOrderMSB = False
CompressedData = True
CompressedDataSize = 3354
CenterOfRotation = 0 0
ElementSpacing = 0.116364 0.0907276
DimSize = 330 552
AnatomicalOrientation = ??
ElementSize = 0.116364 0.0907276
ElementType = MET_FLOAT
TransformMatrix =  0.92823 0.35111 0.122922 -0.300108 0.902027 -0.310295 -0.219827 0.251136 0.94266
Offset =  99.8226 443.78 76.4681
Modality = US
ImageType3 = US-Acq_06_20150527T130329_Velocity
ElementDataFile = US-Acq_06_20150527T130329_Velocity_360.zraw
