ObjectType = Image
NDims = 2
BinaryData = True
BinaryDataByteOrderMSB = False
CompressedData = True
CompressedDataSize = 2889
CenterOfRotation = 0 0
ElementSpacing = 0.116364 0.0907276
DimSize = 330 552
AnatomicalOrientation = ??
ElementSize = 0.116364 0.0907276
ElementType = MET_FLOAT
TransformMatrix =  0.931652 0.343781 0.117638 -0.29171 0.900702 -0.321934 -0.216631 0.265615 0.939425
Offset =  99.5693 441.534 74.1712
Modality = US
ImageType3 = US-Acq_06_20150527T130329_Velocity
ElementDataFile = US-Acq_06_20150527T130329_Velocity_333.zraw
