ObjectType = Image
NDims = 2
BinaryData = True
BinaryDataByteOrderMSB = False
CompressedData = True
CompressedDataSize = 3578
CenterOfRotation = 0 0
ElementSpacing = 0.116364 0.0907276
DimSize = 330 552
AnatomicalOrientation = ??
ElementSize = 0.116364 0.0907276
ElementType = MET_UCHAR
TransformMatrix =  0.921691 0.329446 0.204819 -0.124975 0.75201 -0.647196 -0.367242 0.570917 0.734293
Offset =  101.99 437.287 67.0907
Modality = US
ImageType3 = US-Acq_06_20150527T130329_Angio
ElementDataFile = US-Acq_06_20150527T130329_Angio_173.zraw
