ObjectType = Image
NDims = 2
BinaryData = True
BinaryDataByteOrderMSB = False
CompressedData = True
CompressedDataSize = 3470
CenterOfRotation = 0 0
ElementSpacing = 0.116364 0.0907276
DimSize = 330 552
AnatomicalOrientation = ??
ElementSize = 0.116364 0.0907276
ElementType = MET_UCHAR
TransformMatrix =  0.927769 0.350755 0.127344 -0.296748 0.900413 -0.318116 -0.226243 0.257349 0.93946
Offset =  100.052 442.65 74.9602
Modality = US
ImageType3 = US-Acq_06_20150527T130329_Angio
ElementDataFile = US-Acq_06_20150527T130329_Angio_342.zraw
