ObjectType = Image
NDims = 2
BinaryData = True
BinaryDataByteOrderMSB = False
CompressedData = True
CompressedDataSize = 186447
CenterOfRotation = 0 0
ElementSpacing = 0.116364 0.0907276
DimSize = 330 552
AnatomicalOrientation = ??
ElementNumberOfChannels = 3
ElementSize = 0.116364 0.0907276
ElementType = MET_UCHAR
TransformMatrix =  0.920914 0.351183 0.16908 -0.227033 0.835928 -0.49968 -0.316818 0.421776 0.849548
Offset =  101.959 436.66 66.9631
Modality = US
ImageType3 = US-Acq_06_20150527T130329_TissueAngio
ElementDataFile = US-Acq_06_20150527T130329_TissueAngio_214.zraw
