ObjectType = Image
NDims = 2
BinaryData = True
BinaryDataByteOrderMSB = False
CompressedData = True
CompressedDataSize = 417
CenterOfRotation = 0 0
ElementSpacing = 0.116364 0.0907276
DimSize = 330 552
AnatomicalOrientation = ??
ElementSize = 0.116364 0.0907276
ElementType = MET_UCHAR
TransformMatrix =  0.927542 0.348911 0.133893 -0.269105 0.872165 -0.408546 -0.259323 0.342913 0.902864
Offset =  102.102 436.307 67.1355
Modality = US
ImageType3 = US-Acq_06_20150527T130329_Angio
ElementDataFile = US-Acq_06_20150527T130329_Angio_245.zraw
