ObjectType = Image
NDims = 2
BinaryData = True
BinaryDataByteOrderMSB = False
CompressedData = True
CompressedDataSize = 135871
CenterOfRotation = 0 0
ElementSpacing = 0.116364 0.0907276
DimSize = 330 552
AnatomicalOrientation = ??
ElementSize = 0.116364 0.0907276
ElementType = MET_UCHAR
TransformMatrix =  0.922008 0.335131 0.193878 -0.155267 0.77878 -0.607778 -0.354674 0.530273 0.770076
Offset =  101.952 437.278 66.9867
Modality = US
ImageType3 = US-Acq_06_20150527T130329_Tissue
ElementDataFile = US-Acq_06_20150527T130329_Tissue_187.zraw
