ObjectType = Image
NDims = 2
BinaryData = True
BinaryDataByteOrderMSB = False
CompressedData = True
CompressedDataSize = 180503
CenterOfRotation = 0 0
ElementSpacing = 0.116364 0.0907276
DimSize = 330 552
AnatomicalOrientation = ??
ElementNumberOfChannels = 3
ElementSize = 0.116364 0.0907276
ElementType = MET_UCHAR
TransformMatrix =  0.914128 0.324958 0.24243 -0.055725 0.692996 -0.718784 -0.401578 0.643551 0.651596
Offset =  104.679 436.086 64.7063
Modality = US
ImageType3 = US-Acq_06_20150527T130329_TissueAngio
ElementDataFile = US-Acq_06_20150527T130329_TissueAngio_119.zraw
