ObjectType = Image
NDims = 2
BinaryData = True
BinaryDataByteOrderMSB = False
CompressedData = True
CompressedDataSize = 138849
CenterOfRotation = 0 0
ElementSpacing = 0.116364 0.0907276
DimSize = 330 552
AnatomicalOrientation = ??
ElementSize = 0.116364 0.0907276
ElementType = MET_UCHAR
TransformMatrix =  0.928548 0.350071 0.123486 -0.298718 0.902144 -0.311295 -0.220377 0.252165 0.942256
Offset =  99.5301 444.003 76.7928
Modality = US
ImageType3 = US-Acq_06_20150527T130329_Tissue
ElementDataFile = US-Acq_06_20150527T130329_Tissue_378.zraw
