ObjectType = Image
NDims = 2
BinaryData = True
BinaryDataByteOrderMSB = False
CompressedData = True
CompressedDataSize = 2795
CenterOfRotation = 0 0
ElementSpacing = 0.116364 0.0907276
DimSize = 330 552
AnatomicalOrientation = ??
ElementSize = 0.116364 0.0907276
ElementType = MET_UCHAR
TransformMatrix =  0.911869 0.319831 0.2573 -0.0221568 0.664261 -0.747172 -0.409884 0.675622 0.612805
Offset =  106.019 435.471 63.605
Modality = US
ImageType3 = US-Acq_06_20150527T130329_Angio
ElementDataFile = US-Acq_06_20150527T130329_Angio_90.zraw
