ObjectType = Image
NDims = 2
BinaryData = True
BinaryDataByteOrderMSB = False
CompressedData = True
CompressedDataSize = 3124
CenterOfRotation = 0 0
ElementSpacing = 0.116364 0.0907276
DimSize = 330 552
AnatomicalOrientation = ??
ElementSize = 0.116364 0.0907276
ElementType = MET_FLOAT
TransformMatrix =  0.923688 0.343302 0.170131 -0.202507 0.814381 -0.543852 -0.325257 0.467896 0.821755
Offset =  102.022 436.933 67.1728
Modality = US
ImageType3 = US-Acq_06_20150527T130329_Velocity
ElementDataFile = US-Acq_06_20150527T130329_Velocity_201.zraw
