ObjectType = Image
NDims = 2
BinaryData = True
BinaryDataByteOrderMSB = False
CompressedData = True
CompressedDataSize = 186698
CenterOfRotation = 0 0
ElementSpacing = 0.116364 0.0907276
DimSize = 330 552
AnatomicalOrientation = ??
ElementNumberOfChannels = 3
ElementSize = 0.116364 0.0907276
ElementType = MET_UCHAR
TransformMatrix =  0.911976 0.329686 0.244145 -0.0607022 0.697015 -0.714482 -0.405728 0.636771 0.655674
Offset =  103.884 436.517 65.4436
Modality = US
ImageType3 = US-Acq_06_20150527T130329_TissueAngio
ElementDataFile = US-Acq_06_20150527T130329_TissueAngio_137.zraw
