ObjectType = Image
NDims = 2
BinaryData = True
BinaryDataByteOrderMSB = False
CompressedData = True
CompressedDataSize = 3480
CenterOfRotation = 0 0
ElementSpacing = 0.116364 0.0907276
DimSize = 330 552
AnatomicalOrientation = ??
ElementSize = 0.116364 0.0907276
ElementType = MET_UCHAR
TransformMatrix =  0.911734 0.329809 0.244882 -0.0599109 0.696524 -0.715028 -0.406389 0.637244 0.654804
Offset =  103.889 436.51 65.3002
Modality = US
ImageType3 = US-Acq_06_20150527T130329_Angio
ElementDataFile = US-Acq_06_20150527T130329_Angio_134.zraw
