ObjectType = Image
NDims = 2
BinaryData = True
BinaryDataByteOrderMSB = False
CompressedData = True
CompressedDataSize = 4104
CenterOfRotation = 0 0
ElementSpacing = 0.116364 0.0907276
DimSize = 330 552
AnatomicalOrientation = ??
ElementSize = 0.116364 0.0907276
ElementType = MET_FLOAT
TransformMatrix =  0.915308 0.316698 0.248825 -0.035783 0.679309 -0.732979 -0.401162 0.661998 0.63311
Offset =  105.561 435.693 64.0679
Modality = US
ImageType3 = US-Acq_06_20150527T130329_Velocity
ElementDataFile = US-Acq_06_20150527T130329_Velocity_99.zraw
