ObjectType = Image
NDims = 2
BinaryData = True
BinaryDataByteOrderMSB = False
CompressedData = True
CompressedDataSize = 187241
CenterOfRotation = 0 0
ElementSpacing = 0.116364 0.0907276
DimSize = 330 552
AnatomicalOrientation = ??
ElementNumberOfChannels = 3
ElementSize = 0.116364 0.0907276
ElementType = MET_UCHAR
TransformMatrix =  0.928424 0.291669 0.230127 -0.0449823 0.703106 -0.70966 -0.36879 0.648514 0.665901
Offset =  106.619 434.87 62.8486
Modality = US
ImageType3 = US-Acq_06_20150527T130329_TissueAngio
ElementDataFile = US-Acq_06_20150527T130329_TissueAngio_58.zraw
