ObjectType = Image
NDims = 2
BinaryData = True
BinaryDataByteOrderMSB = False
CompressedData = True
CompressedDataSize = 185200
CenterOfRotation = 0 0
ElementSpacing = 0.116364 0.0907276
DimSize = 330 552
AnatomicalOrientation = ??
ElementNumberOfChannels = 3
ElementSize = 0.116364 0.0907276
ElementType = MET_UCHAR
TransformMatrix =  0.921714 0.334783 0.195867 -0.150066 0.773454 -0.615832 -0.357664 0.538228 0.763143
Offset =  101.905 437.27 66.787
Modality = US
ImageType3 = US-Acq_06_20150527T130329_TissueAngio
ElementDataFile = US-Acq_06_20150527T130329_TissueAngio_185.zraw
