ObjectType = Image
NDims = 2
BinaryData = True
BinaryDataByteOrderMSB = False
CompressedData = True
CompressedDataSize = 6981
CenterOfRotation = 0 0
ElementSpacing = 0.116364 0.0978474
DimSize = 330 563
AnatomicalOrientation = ??
ElementSize = 0.116364 0.0978474
ElementType = MET_UCHAR
TransformMatrix =  -0.252036 0.630057 0.734511 -0.280027 0.679057 -0.678577 -0.926317 -0.376709 0.00528598
Offset =  141.692 434.509 53.8999
Modality = US
ImageType3 = US-Acq_10_20150527T131055_Angio
ElementDataFile = US-Acq_10_20150527T131055_Angio_97.zraw
