ObjectType = Image
NDims = 2
BinaryData = True
BinaryDataByteOrderMSB = False
CompressedData = True
CompressedDataSize = 135294
CenterOfRotation = 0 0
ElementSpacing = 0.116364 0.0978474
DimSize = 330 563
AnatomicalOrientation = ??
ElementSize = 0.116364 0.0978474
ElementType = MET_UCHAR
TransformMatrix =  -0.252903 0.629998 0.734263 -0.280738 0.678496 -0.678844 -0.925865 -0.377817 0.00527089
Offset =  142.211 434.603 53.602
Modality = US
ImageType3 = US-Acq_10_20150527T131055_Tissue
ElementDataFile = US-Acq_10_20150527T131055_Tissue_93.zraw
