ObjectType = Image
NDims = 2
BinaryData = True
BinaryDataByteOrderMSB = False
CompressedData = True
CompressedDataSize = 183699
CenterOfRotation = 0 0
ElementSpacing = 0.116364 0.0978474
DimSize = 330 563
AnatomicalOrientation = ??
ElementNumberOfChannels = 3
ElementSize = 0.116364 0.0978474
ElementType = MET_UCHAR
TransformMatrix =  -0.174091 0.648265 0.741246 -0.354869 0.660861 -0.661309 -0.918564 -0.378174 0.114999
Offset =  126.901 433.154 56.1773
Modality = US
ImageType3 = US-Acq_10_20150527T131055_TissueAngio
ElementDataFile = US-Acq_10_20150527T131055_TissueAngio_197.zraw
