ObjectType = Image
NDims = 2
BinaryData = True
BinaryDataByteOrderMSB = False
CompressedData = True
CompressedDataSize = 743
CenterOfRotation = 0 0
ElementSpacing = 0.116364 0.0978474
DimSize = 330 563
AnatomicalOrientation = ??
ElementSize = 0.116364 0.0978474
ElementType = MET_FLOAT
TransformMatrix =  -0.176874 0.647442 0.741306 -0.351676 0.661888 -0.661989 -0.91926 -0.377788 0.110619
Offset =  127.176 433.118 56.3887
Modality = US
ImageType3 = US-Acq_10_20150527T131055_Velocity
ElementDataFile = US-Acq_10_20150527T131055_Velocity_195.zraw
