ObjectType = Image
NDims = 2
BinaryData = True
BinaryDataByteOrderMSB = False
CompressedData = True
CompressedDataSize = 11377
CenterOfRotation = 0 0
ElementSpacing = 0.116364 0.0978474
DimSize = 330 563
AnatomicalOrientation = ??
ElementSize = 0.116364 0.0978474
ElementType = MET_FLOAT
TransformMatrix =  -0.245442 0.63096 0.735967 -0.282753 0.679583 -0.676918 -0.927259 -0.37424 0.0116078
Offset =  139.119 434.26 54.1096
Modality = US
ImageType3 = US-Acq_10_20150527T131055_Velocity
ElementDataFile = US-Acq_10_20150527T131055_Velocity_124.zraw
