ObjectType = Image
NDims = 2
BinaryData = True
BinaryDataByteOrderMSB = False
CompressedData = True
CompressedDataSize = 6126
CenterOfRotation = 0 0
ElementSpacing = 0.116364 0.0978474
DimSize = 330 563
AnatomicalOrientation = ??
ElementSize = 0.116364 0.0978474
ElementType = MET_UCHAR
TransformMatrix =  -0.270258 0.631583 0.72668 -0.287448 0.667412 -0.686976 -0.918877 -0.394543 0.00117408
Offset =  149.471 434.044 51.4414
Modality = US
ImageType3 = US-Acq_10_20150527T131055_Angio
ElementDataFile = US-Acq_10_20150527T131055_Angio_24.zraw
