ObjectType = Image
NDims = 2
BinaryData = True
BinaryDataByteOrderMSB = False
CompressedData = True
CompressedDataSize = 266
CenterOfRotation = 0 0
ElementSpacing = 0.116364 0.0978474
DimSize = 330 563
AnatomicalOrientation = ??
ElementSize = 0.116364 0.0978474
ElementType = MET_UCHAR
TransformMatrix =  -0.219595 0.636674 0.739206 -0.305317 0.67479 -0.671893 -0.926585 -0.373236 0.046207
Offset =  134.063 433.656 54.7766
Modality = US
ImageType3 = US-Acq_10_20150527T131055_Angio
ElementDataFile = US-Acq_10_20150527T131055_Angio_153.zraw
