ObjectType = Image
NDims = 2
BinaryData = True
BinaryDataByteOrderMSB = False
CompressedData = True
CompressedDataSize = 134354
CenterOfRotation = 0 0
ElementSpacing = 0.116364 0.0978474
DimSize = 330 563
AnatomicalOrientation = ??
ElementSize = 0.116364 0.0978474
ElementType = MET_UCHAR
TransformMatrix =  -0.274719 0.630593 0.725866 -0.283186 0.668365 -0.687818 -0.918877 -0.394512 -0.0050372
Offset =  149.119 434.093 51.8929
Modality = US
ImageType3 = US-Acq_10_20150527T131055_Tissue
ElementDataFile = US-Acq_10_20150527T131055_Tissue_28.zraw
