ObjectType = Image
NDims = 2
BinaryData = True
BinaryDataByteOrderMSB = False
CompressedData = True
CompressedDataSize = 8981
CenterOfRotation = 0 0
ElementSpacing = 0.116364 0.0978474
DimSize = 330 563
AnatomicalOrientation = ??
ElementSize = 0.116364 0.0978474
ElementType = MET_FLOAT
TransformMatrix =  -0.272237 0.630835 0.726591 -0.284731 0.668482 -0.687066 -0.919138 -0.393928 -0.00236754
Offset =  148.444 434.142 52.2183
Modality = US
ImageType3 = US-Acq_10_20150527T131055_Velocity
ElementDataFile = US-Acq_10_20150527T131055_Velocity_36.zraw
