ObjectType = Image
NDims = 2
BinaryData = True
BinaryDataByteOrderMSB = False
CompressedData = True
CompressedDataSize = 132261
CenterOfRotation = 0 0
ElementSpacing = 0.116364 0.0978474
DimSize = 330 563
AnatomicalOrientation = ??
ElementSize = 0.116364 0.0978474
ElementType = MET_UCHAR
TransformMatrix =  -0.219104 0.637581 0.738569 -0.301642 0.675617 -0.672721 -0.927904 -0.37018 0.0442906
Offset =  134.224 433.702 54.8203
Modality = US
ImageType3 = US-Acq_10_20150527T131055_Tissue
ElementDataFile = US-Acq_10_20150527T131055_Tissue_152.zraw
