ObjectType = Image
NDims = 2
BinaryData = True
BinaryDataByteOrderMSB = False
CompressedData = True
CompressedDataSize = 203
CenterOfRotation = 0 0
ElementSpacing = 0.116364 0.0978474
DimSize = 330 563
AnatomicalOrientation = ??
ElementSize = 0.116364 0.0978474
ElementType = MET_UCHAR
TransformMatrix =  -0.174946 0.647271 0.741912 -0.354959 0.661396 -0.660727 -0.918367 -0.37894 0.114047
Offset =  126.983 433.195 56.3652
Modality = US
ImageType3 = US-Acq_10_20150527T131055_Angio
ElementDataFile = US-Acq_10_20150527T131055_Angio_196.zraw
