ObjectType = Image
NDims = 2
BinaryData = True
BinaryDataByteOrderMSB = False
CompressedData = True
CompressedDataSize = 4795
CenterOfRotation = 0 0
ElementSpacing = 0.116364 0.0978474
DimSize = 330 563
AnatomicalOrientation = ??
ElementSize = 0.116364 0.0978474
ElementType = MET_UCHAR
TransformMatrix =  -0.270634 0.63268 0.725585 -0.284881 0.66732 -0.688133 -0.919565 -0.392938 -0.000361354
Offset =  150.187 433.834 51.2805
Modality = US
ImageType3 = US-Acq_10_20150527T131055_Angio
ElementDataFile = US-Acq_10_20150527T131055_Angio_15.zraw
