ObjectType = Image
NDims = 2
BinaryData = True
BinaryDataByteOrderMSB = False
CompressedData = True
CompressedDataSize = 11276
CenterOfRotation = 0 0
ElementSpacing = 0.116364 0.0978474
DimSize = 330 563
AnatomicalOrientation = ??
ElementSize = 0.116364 0.0978474
ElementType = MET_FLOAT
TransformMatrix =  -0.271812 0.629463 0.727938 -0.285782 0.669498 -0.685639 -0.918938 -0.394397 -0.00208837
Offset =  147.117 434.529 52.5037
Modality = US
ImageType3 = US-Acq_10_20150527T131055_Velocity
ElementDataFile = US-Acq_10_20150527T131055_Velocity_51.zraw
