ObjectType = Image
NDims = 2
BinaryData = True
BinaryDataByteOrderMSB = False
CompressedData = True
CompressedDataSize = 11495
CenterOfRotation = 0 0
ElementSpacing = 0.116364 0.0978474
DimSize = 330 563
AnatomicalOrientation = ??
ElementSize = 0.116364 0.0978474
ElementType = MET_FLOAT
TransformMatrix =  -0.26939 0.629769 0.728574 -0.282847 0.671435 -0.684962 -0.920558 -0.390597 -0.00274951
Offset =  146.654 434.475 52.8765
Modality = US
ImageType3 = US-Acq_10_20150527T131055_Velocity
ElementDataFile = US-Acq_10_20150527T131055_Velocity_55.zraw
